PATH
  remote: .
  specs:
    hiera-simulator (0.2.0)
      bundler
      deep_merge
      hiera (= 1.3.4)
      httparty
      json
      quixoten-puppetdb-terminus
      rake

GEM
  remote: https://rubygems.org/
  specs:
    deep_merge (1.0.1)
    diff-lcs (1.2.5)
    hiera (1.3.4)
      json_pure
    httparty (0.13.7)
      json (~> 1.8)
      multi_xml (>= 0.5.2)
    json (1.8.3)
    json_pure (1.8.3)
    multi_xml (0.5.5)
    quixoten-puppetdb-terminus (2.3.8)
    rake (11.1.2)
    rspec (3.4.0)
      rspec-core (~> 3.4.0)
      rspec-expectations (~> 3.4.0)
      rspec-mocks (~> 3.4.0)
    rspec-core (3.4.4)
      rspec-support (~> 3.4.0)
    rspec-expectations (3.4.0)
      diff-lcs (>= 1.2.0, < 2.0)
      rspec-support (~> 3.4.0)
    rspec-mocks (3.4.1)
      diff-lcs (>= 1.2.0, < 2.0)
      rspec-support (~> 3.4.0)
    rspec-support (3.4.1)

PLATFORMS
  ruby

DEPENDENCIES
  hiera-simulator!
  rspec (>= 3.0.0)

BUNDLED WITH
   1.11.2
